GEM
  remote: https://rubygems.org/
  specs:
    akaza (0.2.0)
    minitest (5.11.3)
    rake (12.3.2)

PLATFORMS
  ruby

DEPENDENCIES
  akaza
  minitest
  rake

BUNDLED WITH
   2.1.0.pre.1
