GEM
  remote: https://rubygems.org/
  specs:
    akaza (0.2.0)

PLATFORMS
  ruby

DEPENDENCIES
  akaza

BUNDLED WITH
   2.1.0.pre.1
