GEM
  remote: https://rubygems.org/
  specs:
    akaza (0.2.0)
    m (1.5.1)
      method_source (>= 0.6.7)
      rake (>= 0.9.2.2)
    method_source (0.9.2)
    minitest (5.11.3)
    rake (12.3.2)

PLATFORMS
  ruby

DEPENDENCIES
  akaza
  m
  minitest
  rake

BUNDLED WITH
   2.1.0.pre.1
